GEM
  remote: https://rubygems.org/
  specs:
    addressable (2.3.5)
    bootstrap-sass (3.0.3.0)
      sass (~> 3.2)
    chunky_png (1.2.9)
    coffee-script (2.2.0)
      coffee-script-source
      execjs
    coffee-script-source (1.6.3)
    compass (0.12.2)
      chunky_png (~> 1.2)
      fssm (>= 0.2.7)
      sass (~> 3.1)
    execjs (2.0.2)
    faraday (0.8.8)
      multipart-post (~> 1.2.0)
    fssm (0.2.10)
    haml (4.0.3)
      tilt
    hike (1.2.3)
    json (1.8.1)
    multi_json (1.8.2)
    multipart-post (1.2.0)
    octokit (2.6.2)
      sawyer (~> 0.5.1)
    rack (1.5.2)
    rack-cache (1.2)
      rack (>= 0.4)
    rack-protection (1.5.0)
      rack
    sass (3.2.12)
    sawyer (0.5.1)
      addressable (~> 2.3.5)
      faraday (~> 0.8, < 0.10)
    shotgun (0.9)
      rack (>= 1.0)
    sinatra (1.4.3)
      rack (~> 1.4)
      rack-protection (~> 1.4)
      tilt (~> 1.3, >= 1.3.4)
    sprockets (2.10.1)
      hike (~> 1.2)
      multi_json (~> 1.0)
      rack (~> 1.0)
      tilt (~> 1.1, != 1.3.0)
    sprockets-helpers (1.1.0)
      sprockets (~> 2.0)
    sprockets-sass (1.0.2)
      sprockets (~> 2.0)
      tilt (~> 1.1)
    tilt (1.4.1)
    uglifier (2.3.2)
      execjs (>= 0.3.0)
      json (>= 1.8.0)

PLATFORMS
  ruby

DEPENDENCIES
  bootstrap-sass
  coffee-script
  compass
  haml
  octokit (~> 2.0)
  rack-cache
  shotgun
  sinatra
  sprockets
  sprockets-helpers
  sprockets-sass
  uglifier
